PATH
  remote: .
  specs:
    bigfiles (0.2.1)
      high_water_mark
      source_finder (>= 2)

GEM
  remote: https://rubygems.org/
  specs:
    ast (2.4.2)
    bump (0.10.0)
    childprocess (4.0.0)
    diff-lcs (1.3)
    docile (1.3.2)
    high_water_mark (0.1.0)
    iniparse (1.5.0)
    json (2.3.0)
    json (2.3.0-java)
    minitest-profile (0.0.2)
    mocha (1.12.0)
    overcommit (0.57.0)
      childprocess (>= 0.6.3, < 5)
      iniparse (~> 1.4)
    parallel (1.20.1)
    parser (3.0.0.0)
      ast (~> 2.4.1)
    rainbow (3.0.0)
    rake (13.0.3)
    regexp_parser (2.1.1)
    rexml (3.2.4)
    rspec (3.9.0)
      rspec-core (~> 3.9.0)
      rspec-expectations (~> 3.9.0)
      rspec-mocks (~> 3.9.0)
    rspec-core (3.9.1)
      rspec-support (~> 3.9.1)
    rspec-expectations (3.9.0)
      diff-lcs (>= 1.2.0, < 2.0)
      rspec-support (~> 3.9.0)
    rspec-mocks (3.9.1)
      diff-lcs (>= 1.2.0, < 2.0)
      rspec-support (~> 3.9.0)
    rspec-support (3.9.2)
    rubocop (1.12.0)
      parallel (~> 1.10)
      parser (>= 3.0.0.0)
      rainbow (>= 2.2.2, < 4.0)
      regexp_parser (>= 1.8, < 3.0)
      rexml
      rubocop-ast (>= 1.2.0, < 2.0)
      ruby-progressbar (~> 1.7)
      unicode-display_width (>= 1.4.0, < 3.0)
    rubocop-ast (1.4.1)
      parser (>= 2.7.1.5)
    rubocop-rake (0.5.0)
      rubocop
    rubocop-rspec (2.2.0)
      rubocop (~> 1.0)
      rubocop-ast (>= 1.1.0)
    ruby-progressbar (1.11.0)
    simplecov (0.17.1)
      docile (~> 1.1)
      json (>= 1.8, < 3)
      simplecov-html (~> 0.10.0)
    simplecov-html (0.10.2)
    source_finder (3.2.1)
    unicode-display_width (2.0.0)

PLATFORMS
  java
  ruby
  x86_64-darwin-19
  x86_64-darwin-20
  x86_64-linux

DEPENDENCIES
  bigfiles!
  bump
  bundler
  minitest-profile
  mocha
  overcommit
  rake (~> 13.0)
  rspec (>= 3.4)
  rubocop
  rubocop-rake
  rubocop-rspec
  simplecov

BUNDLED WITH
   2.2.2
